GEM
  remote: https://rubygems.org/
  specs:
    json (1.7.7)
    multi_json (1.7.2)
    puma (1.6.3)
      rack (~> 1.2)
    pusher (0.11.3)
      multi_json (~> 1.0)
      signature (~> 0.1.6)
    rack (1.5.2)
    rack-protection (1.5.0)
      rack
    signature (0.1.6)
    sinatra (1.3.6)
      rack (~> 1.4)
      rack-protection (~> 1.3)
      tilt (~> 1.3, >= 1.3.3)
    tilt (1.3.6)

PLATFORMS
  ruby

DEPENDENCIES
  json
  puma
  pusher
  sinatra
